GEM
  remote: http://rubygems.org/
  specs:
    eventmachine (1.0.0.beta.4)
    haml (3.0.25)
    hanna-nouveau (0.2.4)
      haml (= 3.0.25)
      rdoc
    json (1.6.3)
    nokogiri (1.5.0)
    rake (0.9.2.2)
    rdoc (3.11)
      json (~> 1.4)
    test-unit (2.4.3)

PLATFORMS
  ruby

DEPENDENCIES
  eventmachine (>= 1.0.0.beta.4)
  hanna-nouveau
  nokogiri
  ocra
  rake
  rdoc (>= 3.4)
  test-unit
