GEM
  remote: http://rubygems.org/
  specs:
    RedCloth (4.2.8)
    chingu (0.8.1)
      crack
      gosu (>= 0.7.25)
      rest-client
    chunky_png (1.1.0)
    crack (0.1.8)
    eventmachine (1.0.0.beta.3)
    gosu (0.7.29)
    haml (3.0.25)
    hanna-nouveau (0.2.2)
      haml
      rdoc
    mime-types (1.16)
    minitar (0.5.3)
    nokogiri (1.4.4)
    r18n-core (0.4.9)
    r18n-desktop (0.4.9)
      r18n-core (= 0.4.9)
    rake (0.9.2)
    rdoc (3.5.3)
    rest-client (1.6.1)
      mime-types (>= 1.16)
    test-unit (2.3.0)

PLATFORMS
  ruby

DEPENDENCIES
  RedCloth
  chingu
  chunky_png
  eventmachine (>= 1.0.0.beta3)
  gosu
  hanna-nouveau
  minitar (>= 0.5.3)
  nokogiri
  ocra
  r18n-desktop
  rake
  rdoc (>= 3.4)
  test-unit
