GEM
  remote: https://rubygems.org/
  specs:
    ansi (1.4.2)
    nokogiri (1.5.4)
    paint (0.8.5)
    turn (0.9.5)
      ansi

PLATFORMS
  ruby

DEPENDENCIES
  nokogiri
  paint
  turn
