GEM
  remote: http://rubygems.org/
  specs:
    eventmachine (1.0.0.beta.3)
    haml (3.0.25)
    hanna-nouveau (0.2.2)
      haml
      rdoc
    nokogiri (1.4.4)
    rake (0.9.2)
    rdoc (3.5.3)
    test-unit (2.3.0)

PLATFORMS
  ruby

DEPENDENCIES
  eventmachine
  hanna-nouveau
  nokogiri
  ocra
  rake
  rdoc (>= 3.4)
  test-unit
