GEM
  remote: http://rubygems.org/
  specs:
    eventmachine (1.0.0.beta.4)
    minitar (0.5.3)
    nokogiri (1.5.2)
    paint (0.8.4)

PLATFORMS
  ruby

DEPENDENCIES
  eventmachine (>= 1.0.0.beta.4)
  minitar
  nokogiri
  paint
