GEM
  remote: http://rubygems.org/
  specs:
    chingu (0.7.7.5)
      gosu (>= 0.7.22)
    gosu (0.7.24)
    minitar (0.5.3)
    ocra (1.2.0)
    r18n-core (0.4.8)
    r18n-desktop (0.4.8)
      r18n-core (= 0.4.8)
    wxruby-ruby19 (2.0.1)

PLATFORMS
  ruby

DEPENDENCIES
  chingu
  gosu
  minitar (>= 0.5.3)
  ocra
  r18n-desktop
  wxruby-ruby19 (>= 2.0.0)
